GEM
  remote: https://rubygems.org/
  specs:
    gibberish (2.1.0)
    rake (12.0.0)

PLATFORMS
  ruby

DEPENDENCIES
  gibberish
  rake

BUNDLED WITH
   1.15.1
